GEM
  remote: https://rubygems.org/
  specs:
    ethon (0.11.0)
      ffi (>= 1.3.0)
    ffi (1.9.18)
    json (2.1.0)
    nitlink (1.1.0)
    typhoeus (1.3.0)
      ethon (>= 0.9.0)

PLATFORMS
  ruby

DEPENDENCIES
  json
  nitlink
  typhoeus

BUNDLED WITH
   1.16.1
