GEM
  remote: https://rubygems.org/
  specs:
    ethon (0.15.0)
      ffi (>= 1.15.0)
    ffi (1.15.5)
    json (2.6.1)
    nitlink (1.1.0)
    typhoeus (1.4.0)
      ethon (>= 0.9.0)

PLATFORMS
  x86_64-darwin-21

DEPENDENCIES
  json
  nitlink
  typhoeus

BUNDLED WITH
   2.3.7
